GEM
  remote: https://rubygems.org/
  specs:
    json (2.1.0)
    mini_magick (4.8.0)
    multi_json (1.12.2)
    power_assert (1.1.1)
    rack (1.6.8)
    rack-protection (1.5.3)
      rack
    rack-test (0.7.0)
      rack (>= 1.0, < 3)
    rake (12.2.1)
    ruby-debug-ide (0.6.0)
      rake (>= 0.8.1)
    sinatra (1.4.8)
      rack (~> 1.5)
      rack-protection (~> 1.4)
      tilt (>= 1.3, < 3)
    sinatra-json (0.1.0)
      multi_json (~> 1.0)
      sinatra (~> 1.0)
    sinatra-param (1.4.0)
      sinatra (~> 1.3)
    test-unit (3.2.6)
      power_assert
    tilt (2.0.8)

PLATFORMS
  ruby

DEPENDENCIES
  json
  mini_magick
  rack
  rack-test
  ruby-debug-ide
  sinatra
  sinatra-json
  sinatra-param
  test-unit

BUNDLED WITH
   1.16.0
